PATH
  remote: .
  specs:
    catch (0.0.6)
      faraday_middleware (~> 0.6)
      gli (~> 1.3.0)
      hashie (~> 1.0.0)
      multi_json (~> 1.0.0)

GEM
  remote: http://rubygems.org/
  specs:
    addressable (2.2.5)
    fakeweb (1.3.0)
    faraday (0.6.1)
      addressable (~> 2.2.4)
      multipart-post (~> 1.1.0)
      rack (>= 1.1.0, < 2)
    faraday_middleware (0.6.3)
      faraday (~> 0.6.0)
    gli (1.3.0)
    hashie (1.0.0)
    multi_json (1.0.0)
    multipart-post (1.1.0)
    rack (1.2.2)

PLATFORMS
  ruby

DEPENDENCIES
  bundler (>= 1.0.0)
  catch!
  fakeweb (>= 1.3.0)
  faraday_middleware (~> 0.6)
  gli (~> 1.3.0)
  hashie (~> 1.0.0)
  multi_json (~> 1.0.0)
